PATH
  remote: .
  specs:
    asin (2.0.2)
      confiture (>= 0.1)
      crack (>= 0.4)
      hashie (>= 1.1)
      httpi (>= 0.9)
      snake_case_hash (>= 1.0.4)

GEM
  remote: http://rubygems.org/
  specs:
    addressable (2.5.1)
      public_suffix (~> 2.0, >= 2.0.2)
    byebug (9.0.6)
    codeclimate-test-reporter (1.0.8)
      simplecov (<= 0.13)
    confiture (0.1.4)
    crack (0.4.3)
      safe_yaml (~> 1.0.0)
    diff-lcs (1.3)
    docile (1.1.5)
    hashdiff (0.3.5)
    hashie (3.5.6)
    httpclient (2.8.3)
    httpi (2.4.2)
      rack
      socksify
    json (2.1.0)
    json (2.1.0-java)
    public_suffix (2.0.5)
    rack (2.0.3)
    rake (12.0.0)
    rspec (2.99.0)
      rspec-core (~> 2.99.0)
      rspec-expectations (~> 2.99.0)
      rspec-mocks (~> 2.99.0)
    rspec-collection_matchers (1.1.3)
      rspec-expectations (>= 2.99.0.beta1)
    rspec-core (2.99.2)
    rspec-expectations (2.99.2)
      diff-lcs (>= 1.1.3, < 2.0)
    rspec-mocks (2.99.4)
    safe_yaml (1.0.4)
    simplecov (0.13.0)
      docile (~> 1.1.0)
      json (>= 1.8, < 3)
      simplecov-html (~> 0.10.0)
    simplecov-html (0.10.2)
    snake_case_hash (1.0.4)
      hashie (~> 3.0)
    socksify (1.7.1)
    vcr (3.0.3)
    webmock (3.0.1)
      addressable (>= 2.3.6)
      crack (>= 0.3.2)
      hashdiff

PLATFORMS
  java
  ruby

DEPENDENCIES
  asin!
  byebug
  codeclimate-test-reporter
  httpclient (>= 2.2.3)
  rake (~> 12.0)
  rspec (~> 2.11)
  rspec-collection_matchers
  vcr (~> 3.0)
  webmock (~> 3.0)

BUNDLED WITH
   1.15.3
