PATH
  remote: .
  specs:
    asin (0.6.2)
      crack (~> 0.1.8)
      hashie (~> 1.0)
      httpi (~> 0.9.5)

GEM
  remote: http://rubygems.org/
  specs:
    addressable (2.2.6)
    crack (0.1.8)
    diff-lcs (1.1.3)
    fuubar (0.0.6)
      rspec (~> 2.0)
      rspec-instafail (~> 0.1.8)
      ruby-progressbar (~> 0.0.10)
    hashie (1.1.0)
    httpclient (2.2.1)
    httpi (0.9.5)
      rack
    rack (1.3.2)
    rake (0.9.2)
    rash (0.3.1)
      hashie (~> 1.1.0)
    rspec (2.6.0)
      rspec-core (~> 2.6.0)
      rspec-expectations (~> 2.6.0)
      rspec-mocks (~> 2.6.0)
    rspec-core (2.6.4)
    rspec-expectations (2.6.0)
      diff-lcs (~> 1.1.2)
    rspec-instafail (0.1.8)
    rspec-mocks (2.6.0)
    ruby-progressbar (0.0.10)
    vcr (1.10.3)
    webmock (1.6.4)
      addressable (> 2.2.5, ~> 2.2)
      crack (>= 0.1.7)

PLATFORMS
  ruby

DEPENDENCIES
  asin!
  fuubar (~> 0.0.5)
  httpclient (~> 2.2.1)
  rake (~> 0.9.2)
  rash (~> 0.3.0)
  rspec (~> 2.6.0)
  vcr (~> 1.10.3)
  webmock (~> 1.6.4)
